GEM
  remote: http://rubygems.org/
  specs:
    albacore (0.2.7)
      rubyzip (~> 0.9)
    git (1.2.5)
    nokogiri (1.5.2-x86-mingw32)
    rake (0.9.2.2)
    rubyzip (0.9.8)

PLATFORMS
  x86-mingw32

DEPENDENCIES
  albacore
  git
  nokogiri
  rake
